GIT
  remote: git://github.com/twinturbo/jekyll.git
  revision: 16e53d570080eec3576b86f7216843995191385d
  branch: red-carpet-2
  specs:
    jekyll (0.11.2)
      classifier (~> 1.3)
      directory_watcher (~> 1.1)
      kramdown (~> 0.13.4)
      liquid (~> 2.3)
      maruku (~> 0.5)
      pygments.rb (~> 0.2.12)

GEM
  remote: http://rubygems.org/
  specs:
    RedCloth (4.2.9)
    blankslate (2.1.2.4)
    classifier (1.3.3)
      fast-stemmer (>= 1.0.0)
    daemons (1.1.8)
    directory_watcher (1.4.1)
    eventmachine (0.12.10)
    fast-stemmer (1.0.1)
    ffi (1.0.11)
    kramdown (0.13.7)
    liquid (2.3.0)
    maruku (0.6.0)
      syntax (>= 1.0.0)
    pygments.rb (0.2.13)
      rubypython (~> 0.5.3)
    rack (1.4.1)
    rack-jekyll (0.3.5)
      jekyll
      rack
    redcarpet (2.1.1)
    rubypython (0.5.3)
      blankslate (>= 2.1.2.3)
      ffi (~> 1.0.7)
    syntax (1.0.0)
    thin (1.4.1)
      daemons (>= 1.0.9)
      eventmachine (>= 0.12.6)
      rack (>= 1.0.0)

PLATFORMS
  ruby

DEPENDENCIES
  RedCloth
  jekyll!
  rack-jekyll
  redcarpet
  thin
